GEM
  remote: https://rubygems.org/
  specs:
    builder (3.2.2)
    conekta (0.5.4)
      bundler (~> 1.3)
      faraday
      json
      rake
      sys-uname
    faraday (0.9.2)
      multipart-post (>= 1.2, < 3)
    ffi (1.9.10)
    i18n (0.7.0)
    json (1.8.3)
    mail (2.6.3)
      mime-types (>= 1.16, < 3)
    mime-types (2.99)
    multipart-post (2.0.0)
    pony (1.11)
      mail (>= 2.0)
    rack (1.6.4)
    rack-protection (1.5.3)
      rack
    rake (10.4.2)
    shotgun (0.9.1)
      rack (>= 1.0)
    sinatra (1.4.6)
      rack (~> 1.4)
      rack-protection (~> 1.4)
      tilt (>= 1.3, < 3)
    sitemap_generator (5.1.0)
      builder
    sys-uname (1.0.2)
      ffi (>= 1.0.0)
    tilt (2.0.1)
    useragent (0.16.2)

PLATFORMS
  ruby

DEPENDENCIES
  conekta
  i18n
  pony
  shotgun
  sinatra (~> 1.4.6)
  sitemap_generator
  useragent
